GEM
  remote: https://rubygems.org/
  specs:
    mini_portile2 (2.3.0)
    nokogiri (1.8.5-x64-mingw32)
      mini_portile2 (~> 2.3.0)
    pdf-core (0.7.0)
    prawn (2.2.2)
      pdf-core (~> 0.7.0)
      ttfunk (~> 1.5)
    ttfunk (1.5.1)

PLATFORMS
  x64-mingw32

DEPENDENCIES
  nokogiri
  prawn

BUNDLED WITH
   1.16.6
